PATH
  remote: .
  specs:
    rulers (0.1.0)
      erubis
      multi_json
      rack (~> 2.2)
      sqlite3

GEM
  remote: https://rubygems.org/
  specs:
    erubis (2.7.0)
    minitest (5.17.0)
    multi_json (1.15.0)
    rack (2.2.5)
    rack-test (2.0.2)
      rack (>= 1.3)
    rake (10.5.0)
    sqlite3 (1.5.4-x86_64-linux)

PLATFORMS
  x86_64-linux

DEPENDENCIES
  bundler
  minitest (~> 5.0)
  rack-test
  rake (~> 10.0)
  rulers!

BUNDLED WITH
   2.3.25
