PATH
  remote: .
  specs:
    rulers (0.2.0)
      erubis
      multi_json
      rack
      sqlite3

GEM
  remote: https://rubygems.org/
  specs:
    ast (2.4.2)
    erubis (2.7.0)
    json (2.6.3)
    minitest (5.17.0)
    multi_json (1.15.0)
    parallel (1.22.1)
    parser (3.2.0.0)
      ast (~> 2.4.1)
    rack (2.2.5)
    rack-test (2.0.2)
      rack (>= 1.3)
    rainbow (3.1.1)
    rake (10.5.0)
    regexp_parser (2.6.1)
    rexml (3.2.5)
    rubocop (1.42.0)
      json (~> 2.3)
      parallel (~> 1.10)
      parser (>= 3.1.2.1)
      rainbow (>= 2.2.2, < 4.0)
      regexp_parser (>= 1.8, < 3.0)
      rexml (>= 3.2.5, < 4.0)
      rubocop-ast (>= 1.24.1, < 2.0)
      ruby-progressbar (~> 1.7)
      unicode-display_width (>= 1.4.0, < 3.0)
    rubocop-ast (1.24.1)
      parser (>= 3.1.1.0)
    ruby-progressbar (1.11.0)
    sqlite3 (1.5.4-x86_64-linux)
    unicode-display_width (2.4.2)

PLATFORMS
  x86_64-linux

DEPENDENCIES
  bundler
  minitest
  rack-test
  rake
  rubocop
  rulers!

BUNDLED WITH
   2.3.25
